PATH
  remote: ../railslite
  specs:
    railslite (0.0.2)
      rack

GEM
  remote: http://rubygems.org/
  specs:
    rack (1.5.2)

PLATFORMS
  ruby

DEPENDENCIES
  railslite!
