GEM
  remote: http://rubygems.org/
  specs:
    rack (1.5.2)
    railslite (0.0.2)
      rack

PLATFORMS
  ruby

DEPENDENCIES
  railslite (~> 0.0.2)
